GEM
  remote: https://rubygems.org/
  specs:
    dotenv (2.1.0)
    everything-core (0.0.8)
      dotenv (~> 2.1)
      fastenv (= 0.0.2)
    everything-piece-find (0.7.0)
      everything-core (~> 0.0.7)
    fastenv (0.0.2)
    retryable-rb (1.1.0)
    rubypress (1.0.9)
      retryable-rb
    thor (0.19.1)

PLATFORMS
  ruby

DEPENDENCIES
  everything-core (~> 0.0.8)
  everything-piece-find (~> 0.7.0)
  fastenv
  rubypress
  thor

BUNDLED WITH
   1.11.2
