GEM
  remote: https://rubygems.org/
  specs:
    activesupport (4.2.10)
      i18n (~> 0.7)
      minitest (~> 5.1)
      thread_safe (~> 0.3, >= 0.3.4)
      tzinfo (~> 1.1)
    concurrent-ruby (1.0.5)
    dotenv (2.2.1)
    everything-core (0.0.9)
      dotenv (~> 2.1)
      fastenv (= 0.0.3)
    everything-piece-find (0.7.0)
      everything-core (~> 0.0.7)
    fastenv (0.0.3)
    i18n (0.9.5)
      concurrent-ruby (~> 1.0)
    kramdown (1.16.2)
    minitest (5.11.3)
    retryable-rb (1.1.0)
    rubypress (1.2.2)
      retryable-rb
      xmlrpc
    thor (0.20.0)
    thread_safe (0.3.6)
    tzinfo (1.2.5)
      thread_safe (~> 0.1)
    xmlrpc (0.3.0)

PLATFORMS
  ruby

DEPENDENCIES
  activesupport (~> 4.2.6)
  everything-core (~> 0.0.8)
  everything-piece-find (~> 0.7.0)
  fastenv
  kramdown
  rubypress
  thor

BUNDLED WITH
   1.17.2
